GEM
  remote: https://rubygems.org/
  specs:
    mini_portile (0.6.0)
    nokogiri (1.6.3.1)
      mini_portile (= 0.6.0)
    psych (2.0.5)
    sqlite3 (1.3.9)

PLATFORMS
  ruby

DEPENDENCIES
  nokogiri
  psych
  sqlite3
